PATH
  remote: .
  specs:
    striuct (0.3.0)
      validation (~> 0.0.3)

GEM
  remote: https://rubygems.org/
  specs:
    rake (0.9.2.2)
    validation (0.0.3)
    yard (0.8.2.1)

PLATFORMS
  x86-mingw32

DEPENDENCIES
  rake
  striuct!
  yard (>= 0.8.2.1)
